GEM
  remote: https://rubygems.org/
  specs:
    byebug (11.1.3)
    debug (1.7.0)
      irb (>= 1.5.0)
      reline (>= 0.3.1)
    io-console (0.5.11)
    irb (1.6.0)
      reline (>= 0.3.0)
    multi_json (1.15.0)
    mustermann (3.0.0)
      ruby2_keywords (~> 0.0.1)
    rack (2.2.4)
    rack-protection (3.0.4)
      rack
    reline (0.3.1)
      io-console (~> 0.5)
    ruby2_keywords (0.0.5)
    sinatra (3.0.4)
      mustermann (~> 3.0)
      rack (~> 2.2, >= 2.2.4)
      rack-protection (= 3.0.4)
      tilt (~> 2.0)
    sinatra-contrib (3.0.4)
      multi_json
      mustermann (~> 3.0)
      rack-protection (= 3.0.4)
      sinatra (= 3.0.4)
      tilt (~> 2.0)
    tilt (2.0.11)
    webrick (1.7.0)

PLATFORMS
  arm64-darwin-20

DEPENDENCIES
  byebug
  debug
  sinatra
  sinatra-contrib
  webrick

BUNDLED WITH
   2.3.7
